GEM
  remote: http://rubygems.org/
  specs:
    coderay (1.0.6)
    conject (0.0.7)
    diff-lcs (1.1.3)
    gamebox (0.4.0.rc6)
      conject (>= 0.0.5)
      gosu
      i18n
      kvo (>= 0.0.2)
      publisher
      require_all
      thor (>= 0.15.2)
      tween
    gosu (0.7.45)
    i18n (0.6.0)
    kvo (0.0.2)
      publisher
    metaclass (0.0.1)
    method_source (0.7.1)
    mocha (0.11.4)
      metaclass (~> 0.0.1)
    nokogiri (1.5.2)
    pry (0.9.9.6)
      coderay (~> 1.0.5)
      method_source (~> 0.7.1)
      slop (>= 2.4.4, < 3)
    pry-remote (0.1.4)
      pry (~> 0.9.9)
      slop (~> 2.1)
    publisher (1.1.2)
    rake (0.9.2.2)
    require_all (1.2.1)
    rspec (2.10.0)
      rspec-core (~> 2.10.0)
      rspec-expectations (~> 2.10.0)
      rspec-mocks (~> 2.10.0)
    rspec-core (2.10.0)
    rspec-expectations (2.10.0)
      diff-lcs (~> 1.1.3)
    rspec-mocks (2.10.1)
    slop (2.4.4)
    thor (0.16.0)
    tmx (0.0.1)
      nokogiri
    tween (0.1.2)

PLATFORMS
  ruby

DEPENDENCIES
  conject
  gamebox (>= 0.4.0.rc6)
  kvo (= 0.0.2)
  mocha
  pry
  pry-remote
  rake
  require_all
  rspec
  rspec-core
  rspec-expectations
  rspec-mocks
  tmx
