GEM
  remote: https://rubygems.org/
  specs:
    coderay (1.0.9)
    columnize (0.3.6)
    conject (0.1.7)
    debugger (1.4.0)
      columnize (>= 0.3.1)
      debugger-linecache (~> 1.1.1)
      debugger-ruby_core_source (~> 1.2.0)
    debugger-linecache (1.1.1)
      debugger-ruby_core_source (>= 1.1.1)
    debugger-ruby_core_source (1.2.0)
    diff-lcs (1.2.3)
    gamebox (0.4.0.rc10)
      conject (>= 0.0.8)
      gosu
      i18n
      kvo (>= 0.0.4)
      listen (>= 0.5.3)
      publisher
      require_all
      thor (>= 0.14.6)
      tween
    gosu (0.7.47.1)
    i18n (0.6.4)
    kvo (0.0.4)
      publisher
    listen (0.5.3)
    metaclass (0.0.1)
    method_source (0.8.1)
    mocha (0.13.3)
      metaclass (~> 0.0.1)
    multi_json (1.7.2)
    nokogiri (1.5.9)
    pry (0.9.12)
      coderay (~> 1.0.5)
      method_source (~> 0.8)
      slop (~> 3.4)
    pry-debugger (0.2.2)
      debugger (~> 1.3)
      pry (~> 0.9.10)
    pry-remote (0.1.7)
      pry (~> 0.9)
      slop (~> 3.0)
    publisher (1.1.2)
    rake (10.0.4)
    rb-fsevent (0.9.3)
    require_all (1.2.1)
    rspec (2.13.0)
      rspec-core (~> 2.13.0)
      rspec-expectations (~> 2.13.0)
      rspec-mocks (~> 2.13.0)
    rspec-core (2.13.1)
    rspec-expectations (2.13.0)
      diff-lcs (>= 1.1.3, < 2.0)
    rspec-mocks (2.13.1)
    simplecov (0.7.1)
      multi_json (~> 1.0)
      simplecov-html (~> 0.7.1)
    simplecov-html (0.7.1)
    slop (3.4.4)
    thor (0.18.1)
    tmx (0.0.1)
      nokogiri
    tween (0.1.2)

PLATFORMS
  ruby

DEPENDENCIES
  conject (>= 0.0.8)
  debugger-linecache (= 1.1.1)
  debugger-ruby_core_source
  gamebox (>= 0.4.0.rc10)
  gosu (>= 0.7.47.1)
  kvo (= 0.0.4)
  listen (= 0.5.3)
  mocha
  pry
  pry-debugger
  pry-remote
  rake
  rb-fsevent (~> 0.9.1)
  require_all
  rspec
  rspec-core
  rspec-expectations
  rspec-mocks
  simplecov
  tmx (= 0.0.1)
